PATH
  remote: .
  specs:
    ruby-duration (2.1.0)
      activesupport (>= 3.0.0)
      i18n
      mongoid (~> 2.4.0)

GEM
  remote: http://rubygems.org/
  specs:
    activemodel (3.2.3)
      activesupport (= 3.2.3)
      builder (~> 3.0.0)
    activesupport (3.2.3)
      i18n (~> 0.6)
      multi_json (~> 1.0)
    bluecloth (2.2.0)
    bson (1.6.2)
    builder (3.0.0)
    i18n (0.6.0)
    minitest (2.12.0)
    mongo (1.6.2)
      bson (~> 1.6.2)
    mongoid (2.4.8)
      activemodel (~> 3.1)
      mongo (~> 1.3)
      tzinfo (~> 0.3.22)
    multi_json (1.2.0)
    rake (0.9.2.2)
    simplecov (0.6.1)
      multi_json (~> 1.0)
      simplecov-html (~> 0.5.3)
    simplecov-html (0.5.3)
    tzinfo (0.3.33)
    yard (0.7.5)

PLATFORMS
  ruby

DEPENDENCIES
  bluecloth (>= 0.3.5)
  bundler (>= 1.0.0)
  minitest
  rake
  ruby-duration!
  simplecov (>= 0.3.5)
  yard
